GEM
  remote: https://rubygems.org/
  specs:
    amq-protocol (1.9.2)
    amqp (1.3.0)
      amq-protocol (>= 1.9.2)
      eventmachine
    daemons (1.1.9)
    eventmachine (1.0.3)
    faye-websocket (0.7.2)
      eventmachine (>= 0.12.0)
      websocket-driver (>= 0.3.1)
    multi_json (1.9.2)
    rack (1.5.2)
    thin (1.6.2)
      daemons (>= 1.0.9)
      eventmachine (>= 1.0.0)
      rack (>= 1.0.0)
    websocket-driver (0.3.2)

PLATFORMS
  ruby

DEPENDENCIES
  amqp
  faye-websocket
  multi_json
  thin
