GEM
  remote: https://rubygems.org/
  specs:
    eventmachine (1.0.3)
    faye-websocket (0.7.2)
      eventmachine (>= 0.12.0)
      websocket-driver (>= 0.3.1)
    multi_json (1.9.2)
    websocket-driver (0.3.2)

PLATFORMS
  ruby

DEPENDENCIES
  faye-websocket
  multi_json
