GEM
  remote: https://rubygems.org/
  specs:
    amq-protocol (1.9.2)
    amqp (1.3.0)
      amq-protocol (>= 1.9.2)
      eventmachine
    eventmachine (1.0.3)
    multi_json (1.9.2)

PLATFORMS
  ruby

DEPENDENCIES
  amqp
  multi_json
